GIT
  remote: git://github.com/alloy/ios-sim-test.git
  revision: ec0c4e9e779895a199d6fc9b0bec92f00071c9e9
  specs:
    ios-sim-test (0.0.1)
      claide (>= 0.2)
      colored (~> 1.2)

GIT
  remote: git://github.com/lukeredpath/github-downloads.git
  revision: 0ed8d7a59f5e15d72ce87c44a9000e301d3fa952
  specs:
    github-downloads (0.1.3)
      highline
      hirb
      json
      mime-types
      rest-client
      simpleconsole

GIT
  remote: git://github.com/lukeredpath/xcodebuild-rb.git
  revision: 3d3019756f49e892cf8166f14c9f2d5e33adf068
  specs:
    xcodebuild-rb (0.2.0)
      state_machine (~> 1.1.2)

GEM
  remote: https://rubygems.org/
  specs:
    RubyInline (3.12.3)
      ZenTest (~> 4.3)
    ZenTest (4.10.1)
    activesupport (4.2.4)
      i18n (~> 0.7)
      json (~> 1.7, >= 1.7.7)
      minitest (~> 5.1)
      thread_safe (~> 0.3, >= 0.3.4)
      tzinfo (~> 1.1)
    claide (0.9.1)
    cocoapods (0.38.2)
      activesupport (>= 3.2.15)
      claide (~> 0.9.1)
      cocoapods-core (= 0.38.2)
      cocoapods-downloader (~> 0.9.1)
      cocoapods-plugins (~> 0.4.2)
      cocoapods-stats (~> 0.5.3)
      cocoapods-trunk (~> 0.6.1)
      cocoapods-try (~> 0.4.5)
      colored (~> 1.2)
      escape (~> 0.0.4)
      molinillo (~> 0.3.1)
      nap (~> 0.8)
      xcodeproj (~> 0.26.3)
    cocoapods-core (0.38.2)
      activesupport (>= 3.2.15)
      fuzzy_match (~> 2.0.4)
      nap (~> 0.8.0)
    cocoapods-downloader (0.9.3)
    cocoapods-plugins (0.4.2)
      nap
    cocoapods-stats (0.5.3)
      nap (~> 0.8)
    cocoapods-trunk (0.6.4)
      nap (>= 0.8, < 2.0)
      netrc (= 0.7.8)
    cocoapods-try (0.4.5)
    colored (1.2)
    daemons (1.1.9)
    escape (0.0.4)
    eventmachine (1.0.3)
    fuzzy_match (2.0.4)
    highline (1.6.21)
    hirb (0.7.2)
    httpclient (2.3.4.1)
    i18n (0.7.0)
    json (1.8.3)
    macaddr (1.7.1)
      systemu (~> 2.6.2)
    mime-types (2.3)
    minitest (5.8.0)
    molinillo (0.3.1)
    multi_json (1.11.2)
    nap (0.8.0)
    netrc (0.7.8)
    osx_keychain (1.0.0)
      RubyInline (~> 3)
    pusher (0.12.0)
      httpclient (~> 2.3.0)
      multi_json (~> 1.0)
      signature (~> 0.1.6)
    rack (1.5.2)
    rack-protection (1.5.3)
      rack
    rake (10.4.2)
    rest-client (1.7.1)
      mime-types (>= 1.16, < 3.0)
      netrc (~> 0.7)
    signature (0.1.7)
    simpleconsole (0.1.1)
    sinatra (1.4.5)
      rack (~> 1.4)
      rack-protection (~> 1.4)
      tilt (~> 1.3, >= 1.3.4)
    state_machine (1.1.2)
    systemu (2.6.4)
    thin (1.6.2)
      daemons (>= 1.0.9)
      eventmachine (>= 1.0.0)
      rack (>= 1.0.0)
    thread_safe (0.3.5)
    tilt (1.4.1)
    tzinfo (1.2.2)
      thread_safe (~> 0.1)
    uuid (2.3.7)
      macaddr (~> 1.0)
    xcodeproj (0.26.3)
      activesupport (>= 3)
      claide (~> 0.9.1)
      colored (~> 1.2)

PLATFORMS
  ruby

DEPENDENCIES
  cocoapods (>= 0.32.1)
  github-downloads!
  ios-sim-test!
  json
  osx_keychain
  pusher
  rake
  rest-client
  sinatra
  thin
  uuid
  xcodebuild-rb!
  xcodeproj
